GIT
  remote: https://github.com/jstorimer/kitabu
  revision: e9e9bc0d225b64dceb11400f375df210bbadb7b3
  specs:
    kitabu (1.0.0.rc1)
      RedCloth (~> 4.2)
      activesupport (~> 3.0)
      eeepub-with-cover-support (~> 0.8)
      i18n (~> 0.5)
      nokogiri (~> 1.5)
      notifier (~> 0.1)
      pygments.rb (~> 0.2)
      rdiscount (~> 1.6)
      thor (~> 0.14)
      watchr (~> 0.7)

GEM
  remote: https://rubygems.org/
  specs:
    RedCloth (4.2.9)
    activesupport (3.2.6)
      i18n (~> 0.6)
      multi_json (~> 1.0)
    blankslate (2.1.2.4)
    builder (3.0.0)
    eeepub-with-cover-support (0.8.7)
      builder
      rubyzip
    ffi (1.0.11)
    i18n (0.6.0)
    multi_json (1.3.6)
    nokogiri (1.5.4)
    notifier (0.2.1)
    pygments.rb (0.2.12)
      rubypython (~> 0.5.3)
    rdiscount (1.6.8)
    rubypython (0.5.3)
      blankslate (>= 2.1.2.3)
      ffi (~> 1.0.7)
    rubyzip (0.9.8)
    thor (0.15.2)
    watchr (0.7)

PLATFORMS
  ruby

DEPENDENCIES
  kitabu!
